GEM
  remote: https://rubygems.org/
  specs:
    date (3.2.2)
    nokogiri (1.16.2-arm64-darwin)
      racc (~> 1.4)
    open-uri (0.2.0)
      stringio
      time
      uri
    racc (1.7.3)
    stringio (3.0.1)
    time (0.2.0)
      date
    uri (0.11.0)

PLATFORMS
  arm64-darwin

DEPENDENCIES
  nokogiri
  open-uri

BUNDLED WITH
   2.5.6
